GEM
  remote: https://rubygems.org/
  specs:
    mustermann (1.1.1)
      ruby2_keywords (~> 0.0.1)
    nio4r (2.5.7)
    nokogiri (1.11.4-x64-mingw32)
      racc (~> 1.4)
    puma (5.3.1)
      nio4r (~> 2.0)
    racc (1.5.2)
    rack (2.2.3)
    rack-protection (2.1.0)
      rack
    rake (13.0.3)
    redis (4.2.5)
    rexml (3.2.5)
    rss (0.2.9)
      rexml
    ruby2_keywords (0.0.4)
    sinatra (2.1.0)
      mustermann (~> 1.0)
      rack (~> 2.2)
      rack-protection (= 2.1.0)
      tilt (~> 2.0)
    tilt (2.0.10)

PLATFORMS
  x64-mingw32

DEPENDENCIES
  nokogiri (>= 1.11.4)
  puma
  rake
  redis
  rss
  sinatra

RUBY VERSION
   ruby 3.0.1p64

BUNDLED WITH
   2.2.17
